GEM
  remote: https://rubygems.org/
  specs:
    faraday (0.8.9)
      multipart-post (~> 1.2.0)
    faraday_middleware (0.9.0)
      faraday (>= 0.7.4, < 0.9)
    json (1.8.1)
    mime-types (2.2)
    multipart-post (1.2.0)
    oauth (0.4.7)
    rake (10.3.1)
    rubysl-open-uri (2.0.0)
    simple_oauth (0.2.0)
    tumblr_client (0.8.2)
      faraday (>= 0.8)
      faraday_middleware (>= 0.8)
      json
      mime-types
      oauth
      simple_oauth

PLATFORMS
  ruby

DEPENDENCIES
  rake
  rubysl-open-uri
  tumblr_client
